PATH
  remote: .
  specs:
    simple_oauth (0.1.1)

GEM
  remote: http://rubygems.org/
  specs:
    mocha (0.9.8)
      rake
    rake (0.8.7)

PLATFORMS
  ruby

DEPENDENCIES
  mocha
  simple_oauth!
